GEM
  remote: https://rubygems.org/
  specs:
    rake (11.0.1)

PLATFORMS
  ruby

DEPENDENCIES
  rake (~> 11.0, >= 11.0.1)

BUNDLED WITH
   1.10.6
