PATH
  remote: .
  specs:
    since_potter (0.0.1)

GEM
  remote: https://rubygems.org/
  specs:
    minitest (5.8.3)

PLATFORMS
  ruby

DEPENDENCIES
  minitest
  since_potter!

BUNDLED WITH
   1.10.6
