PATH
  remote: .
  specs:
    since_potter (0.0.1)

GEM
  remote: https://rubygems.org/
  specs:
    minitest (5.8.3)
    rake (11.0.1)

PLATFORMS
  ruby

DEPENDENCIES
  minitest
  rake
  since_potter!

BUNDLED WITH
   1.10.6
